GEM
  remote: http://rubygems.org/
  specs:
    rake (0.8.7)
    selenium-client (1.2.18)
    test-unit (2.2.0)

PLATFORMS
  x86-mingw32

DEPENDENCIES
  rake
  selenium-client
  test-unit
